GIT
  remote: https://github.com/bobtfish/hiera-puppet-helper.git
  revision: 5ed989a130bc62cc6bdb923596586284f0bd73df
  ref: 5ed989a130bc62cc6bdb923596586284f0bd73df
  specs:
    hiera-puppet-helper (2.0.1)

GIT
  remote: https://github.com/bobtfish/rspec-puppet.git
  revision: 06aa6c675baafa538b4d06107fc239cd025159fd
  ref: 06aa6c675baafa538b4d06107fc239cd025159fd
  specs:
    rspec-puppet (1.0.1)
      rspec

GEM
  remote: https://rubygems.org/
  specs:
    diff-lcs (1.2.5)
    facter (1.7.5)
    hiera (1.3.4)
      json_pure
    json (1.8.1)
    json_pure (1.8.1)
    mail (2.5.4)
      mime-types (~> 1.16)
      treetop (~> 1.4.8)
    metaclass (0.0.4)
    mime-types (1.25.1)
    mixlib-cli (1.5.0)
    mocha (1.1.0)
      metaclass (~> 0.0.1)
    polyglot (0.3.5)
    puppet (3.6.2)
      facter (> 1.6, < 3)
      hiera (~> 1.0)
      json_pure
      rgen (~> 0.6.5)
    puppetlabs_spec_helper (0.4.1)
      mocha (>= 0.10.5)
      rake
      rspec (>= 2.9.0)
      rspec-puppet (>= 0.1.1)
    rake (10.1.0)
    rgen (0.6.6)
    rspec (2.14.1)
      rspec-core (~> 2.14.0)
      rspec-expectations (~> 2.14.0)
      rspec-mocks (~> 2.14.0)
    rspec-core (2.14.5)
    rspec-expectations (2.14.5)
      diff-lcs (>= 1.1.3, < 2.0)
    rspec-mocks (2.14.6)
    sensu-plugin (0.3.0)
      json
      mixlib-cli (>= 1.1.0)
    treetop (1.4.15)
      polyglot
      polyglot (>= 0.3.1)

PLATFORMS
  ruby

DEPENDENCIES
  facter (= 1.7.5)
  hiera-puppet-helper!
  json (< 2.0.0)
  mail (~> 2.5.4)
  puppet (~> 3.6.2)
  puppetlabs_spec_helper (= 0.4.1)
  rake (= 10.1.0)
  rspec (= 2.14.1)
  rspec-core (= 2.14.5)
  rspec-expectations (= 2.14.5)
  rspec-mocks (= 2.14.6)
  rspec-puppet!
  sensu-plugin
